GEM
  remote: https://rubygems.org/
  specs:
    minitest (5.15.0)

PLATFORMS
  ruby
  x64-mingw32

DEPENDENCIES
  minitest (~> 5.15.0)

BUNDLED WITH
   2.2.22
